GEM
  remote: http://rubygems.org/
  specs:
    choice (0.1.4)
    cijoe (0.5.0)
      choice
      sinatra
    daemon_controller (0.2.5)
    diff-lcs (1.1.2)
    rack (1.2.1)
    rspec (2.0.1)
      rspec-core (~> 2.0.1)
      rspec-expectations (~> 2.0.1)
      rspec-mocks (~> 2.0.1)
    rspec-core (2.0.1)
    rspec-expectations (2.0.1)
      diff-lcs (>= 1.1.2)
    rspec-mocks (2.0.1)
      rspec-core (~> 2.0.1)
      rspec-expectations (~> 2.0.1)
    simplecov (0.3.6)
      simplecov-html (>= 0.3.7)
    simplecov-html (0.3.8)
    sinatra (1.1.0)
      rack (~> 1.1)
      tilt (~> 1.1)
    thor (0.14.3)
    tilt (1.1)

PLATFORMS
  ruby

DEPENDENCIES
  cijoe (= 0.5.0)
  daemon_controller
  rspec
  simplecov
  thor
